PATH
  remote: .
  specs:
    prawn-labels (1.2.3)
      prawn (~> 2.0.0, >= 1.0.0)

GEM
  remote: https://rubygems.org/
  specs:
    minitest (5.8.3)
    pdf-core (0.5.1)
    prawn (2.0.0)
      pdf-core (~> 0.5.0)
      ttfunk (~> 1.4.0)
    purdytest (2.0.0)
      minitest (~> 5.5)
    ttfunk (1.4.0)

PLATFORMS
  ruby

DEPENDENCIES
  minitest
  prawn-labels!
  purdytest
